GEM
  remote: https://rubygems.org/
  specs:
    caesar_cipher (0.0.2)
      methadone (~> 1.2.4)
    methadone (1.2.6)
      bundler

PLATFORMS
  ruby

DEPENDENCIES
  caesar_cipher

BUNDLED WITH
   2.0.1
